GIT
  remote: git://github.com/dashofcode/tracker_api.git
  revision: 00740d73c42faffbb6bc2b747527028b6d3de024
  ref: 00740d73c42faffbb6bc2b747527028b6d3de024
  specs:
    tracker_api (0.2.4)
      addressable
      faraday (~> 0.8.0)
      faraday_middleware
      virtus

GEM
  remote: https://rubygems.org/
  specs:
    addressable (2.3.8)
    airbrake (4.2.1)
      builder
      multi_json
    axiom-types (0.1.1)
      descendants_tracker (~> 0.0.4)
      ice_nine (~> 0.11.0)
      thread_safe (~> 0.3, >= 0.3.1)
    builder (3.2.2)
    coercible (1.0.0)
      descendants_tracker (~> 0.0.1)
    descendants_tracker (0.0.4)
      thread_safe (~> 0.3, >= 0.3.1)
    domain_name (0.5.24)
      unf (>= 0.0.5, < 1.0.0)
    equalizer (0.0.11)
    faraday (0.8.9)
      multipart-post (~> 1.2.0)
    faraday_middleware (0.9.1)
      faraday (>= 0.7.4, < 0.10)
    http-cookie (1.0.2)
      domain_name (~> 0.5)
    ice_nine (0.11.1)
    kgio (2.9.3)
    mime-types (2.6.1)
    multi_json (1.11.0)
    multipart-post (1.2.0)
    netrc (0.10.3)
    rack (1.6.1)
    rack-protection (1.5.3)
      rack
    rack-ssl-enforcer (0.2.8)
    raindrops (0.13.0)
    redcarpet (3.3.0)
    rest-client (1.8.0)
      http-cookie (>= 1.0.2, < 2.0)
      mime-types (>= 1.16, < 3.0)
      netrc (~> 0.7)
    sinatra (1.4.6)
      rack (~> 1.4)
      rack-protection (~> 1.4)
      tilt (>= 1.3, < 3)
    thread_safe (0.3.5)
    tilt (2.0.1)
    unf (0.1.4)
      unf_ext
    unf_ext (0.0.7.1)
    unicorn (4.9.0)
      kgio (~> 2.6)
      rack
      raindrops (~> 0.7)
    virtus (1.0.5)
      axiom-types (~> 0.1)
      coercible (~> 1.0)
      descendants_tracker (~> 0.0, >= 0.0.3)
      equalizer (~> 0.0, >= 0.0.9)

PLATFORMS
  ruby

DEPENDENCIES
  airbrake
  rack-ssl-enforcer
  redcarpet
  rest-client
  sinatra
  tracker_api!
  unicorn
